GIT
  remote: https://github.com/glooby/capistrano-symfony-doctrine
  revision: 55c9d94df7700f826dac3ec3744fdf24df106ec1
  specs:
    capistrano-symfony-doctrine (0.2.11)
      capistrano (>= 3.1.0)
      capistrano-symfony (>= 0.4.0)

GEM
  remote: https://rubygems.org/
  specs:
    airbrussh (1.0.2)
      sshkit (>= 1.6.1, != 1.7.0)
    cap-deploy-tagger (0.2.0)
    capistrano (3.5.0)
      airbrussh (>= 1.0.0)
      capistrano-harrow
      i18n
      rake (>= 10.0.0)
      sshkit (>= 1.9.0)
    capistrano-bundler (1.1.4)
      capistrano (~> 3.1)
      sshkit (~> 1.2)
    capistrano-composer (0.0.6)
      capistrano (>= 3.0.0.pre)
    capistrano-copy-files (0.0.1)
      capistrano (>= 3.0.0)
    capistrano-deploytags (1.0.3)
      capistrano (>= 3.2.0)
    capistrano-file-permissions (1.0.0)
      capistrano (~> 3.0)
    capistrano-harrow (0.5.3)
    capistrano-symfony (1.0.0)
      capistrano (~> 3.1)
      capistrano-composer (~> 0.0.3)
      capistrano-file-permissions (~> 1.0)
    concurrent-ruby (1.1.5)
    i18n (1.6.0)
      concurrent-ruby (~> 1.0)
    multi_json (1.11.2)
    net-scp (2.0.0)
      net-ssh (>= 2.6.5, < 6.0.0)
    net-ssh (5.2.0)
    rake (12.3.2)
    rollbar (1.3.2)
      multi_json (~> 1.3)
    sshkit (1.19.1)
      net-scp (>= 1.1.2)
      net-ssh (>= 2.8.0)

PLATFORMS
  ruby

DEPENDENCIES
  airbrussh (~> 1.0.0)
  cap-deploy-tagger
  capistrano (~> 3.5.0)
  capistrano-bundler (~> 1.1.2)
  capistrano-composer
  capistrano-copy-files
  capistrano-deploytags (~> 1.0.0)
  capistrano-file-permissions
  capistrano-symfony (~> 1.0.0)
  capistrano-symfony-doctrine (~> 0.2.11)!
  rollbar (~> 1.3.2)

BUNDLED WITH
   1.15.1
