GIT
  remote: git://github.com/capistrano/symfony.git
  revision: 2661b4abd4b504bee7bc23de103a2322fe122ee8
  specs:
    capistrano-symfony (1.0.0.rc3)
      capistrano (~> 3.1)
      capistrano-composer (~> 0.0.3)
      capistrano-file-permissions (~> 1.0)

GIT
  remote: git://github.com/glooby/capistrano-symfony-doctrine.git
  revision: 55c9d94df7700f826dac3ec3744fdf24df106ec1
  specs:
    capistrano-symfony-doctrine (0.2.11)
      capistrano (>= 3.1.0)
      capistrano-symfony (>= 0.4.0)

GEM
  remote: https://rubygems.org/
  specs:
    airbrussh (0.6.0)
      sshkit (>= 1.6.1, != 1.7.0)
    cap-deploy-tagger (0.2.0)
    capistrano (3.4.1)
      i18n
      rake (>= 10.0.0)
      sshkit (~> 1.3)
    capistrano-bundler (1.1.4)
      capistrano (~> 3.1)
      sshkit (~> 1.2)
    capistrano-composer (0.0.6)
      capistrano (>= 3.0.0.pre)
    capistrano-copy-files (0.0.1)
      capistrano (>= 3.0.0)
    capistrano-deploytags (1.0.3)
      capistrano (>= 3.2.0)
    capistrano-file-permissions (1.0.0)
      capistrano (~> 3.0)
    concurrent-ruby (1.0.5)
    i18n (1.0.1)
      concurrent-ruby (~> 1.0)
    multi_json (1.13.1)
    net-scp (1.2.1)
      net-ssh (>= 2.6.5)
    net-ssh (5.0.2)
    rake (12.3.1)
    rollbar (2.20.1)
      multi_json
    sshkit (1.16.1)
      net-scp (>= 1.1.2)
      net-ssh (>= 2.8.0)

PLATFORMS
  ruby

DEPENDENCIES
  airbrussh
  cap-deploy-tagger
  capistrano (~> 3.4.0)
  capistrano-bundler (~> 1.1.2)
  capistrano-composer
  capistrano-copy-files
  capistrano-deploytags (~> 1.0.0)
  capistrano-file-permissions
  capistrano-symfony (~> 1.0.0.rc3)!
  capistrano-symfony-doctrine (~> 0.2.11)!
  rollbar (~> 2.20.1)

BUNDLED WITH
   1.15.1
